GEM
  remote: https://rubygems.org/
  specs:
    caxlsx (4.1.0)
      htmlentities (~> 4.3, >= 4.3.4)
      marcel (~> 1.0)
      nokogiri (~> 1.10, >= 1.10.4)
      rubyzip (>= 1.3.0, < 3)
    concurrent-ruby (1.2.3)
    htmlentities (4.3.4)
    marcel (1.0.4)
    mime-types (3.5.2)
      mime-types-data (~> 3.2015)
    mime-types-data (3.2024.0206)
    nokogiri (1.16.2-arm64-darwin)
      racc (~> 1.4)
    playwright-ruby-client (1.41.1)
      concurrent-ruby (>= 1.1.6)
      mime-types (>= 3.0)
    racc (1.7.3)
    rake (13.1.0)
    rubyzip (2.3.2)

PLATFORMS
  arm64-darwin-21
  arm64-darwin-22

DEPENDENCIES
  caxlsx
  playwright-ruby-client
  rake

BUNDLED WITH
   2.5.6
